GEM
  remote: https://rubygems.org/
  specs:
    archive-tar-minitar (0.5.2)
    chronic_duration (0.10.6)
      numerizer (~> 0.1.1)
    configfiles (0.5.0)
      facets
    cronedit (0.3.0)
    daemons (1.2.6)
    dansguardian (0.5.2.1)
      configfiles
    diff-lcs (1.3)
    erubis (2.7.0)
    escape (0.0.4)
    eventmachine (1.2.5)
    facets (3.0.0)
    hierarchical_menu (0.1.4)
      rubytree (>= 0.8.0)
    hotspotlogin (1.5.0)
      facets
      rack
      sinatra
      sinatra-r18n
    i18n_data (0.7.0)
    json (1.8.3)
    locale (2.1.1)
    macaddr (1.7.1)
      systemu (~> 2.6.2)
    mail (2.6.3)
      mime-types (>= 1.16, < 3)
    mime-types (2.6.1)
    mustermann (1.0.3)
    numerizer (0.1.1)
    r18n-core (2.1.7)
    rack (2.0.6)
    rack-protection (2.0.5)
      rack
    rack-test (0.6.3)
      rack (>= 1.0)
    rspec (3.8.0)
      rspec-core (~> 3.8.0)
      rspec-expectations (~> 3.8.0)
      rspec-mocks (~> 3.8.0)
    rspec-core (3.8.0)
      rspec-support (~> 3.8.0)
    rspec-expectations (3.8.2)
      diff-lcs (>= 1.2.0, < 2.0)
      rspec-support (~> 3.8.0)
    rspec-mocks (3.8.0)
      diff-lcs (>= 1.2.0, < 2.0)
      rspec-support (~> 3.8.0)
    rspec-support (3.8.0)
    rubytree (0.9.6)
      json (~> 1.8)
      structured_warnings (~> 0.2)
    rubyzip (1.2.2)
    sinatra (2.0.5)
      mustermann (~> 1.0)
      rack (~> 2.0)
      rack-protection (= 2.0.5)
      tilt (~> 2.0)
    sinatra-r18n (2.1.7)
      r18n-core (= 2.1.7)
      sinatra (>= 1.3)
    structured_warnings (0.2.0)
    systemu (2.6.5)
    thin (1.7.2)
      daemons (~> 1.0, >= 1.0.9)
      eventmachine (~> 1.0, >= 1.0.4)
      rack (>= 1, < 3)
    tilt (2.0.9)
    uuid (2.3.8)
      macaddr (~> 1.0)

PLATFORMS
  ruby

DEPENDENCIES
  archive-tar-minitar!
  chronic_duration!
  cronedit!
  dansguardian!
  erubis!
  escape!
  facets!
  hierarchical_menu!
  hotspotlogin!
  i18n_data!
  locale!
  mail!
  rack-test (~> 0.6.3)!
  rspec (~> 3.8)!
  rubyzip!
  sinatra (~> 2.0)!
  sinatra-r18n!
  thin!
  uuid!

BUNDLED WITH
   1.13.6
