GEM
  remote: https://rubygems.org/
  specs:
    archive-tar-minitar (0.8)
      minitar (~> 0.8)
      minitar-cli (~> 0.8)
    chronic_duration (0.10.6)
      numerizer (~> 0.1.1)
    configfiles (0.5.0)
      facets
    cronedit (0.3.0)
    daemons (1.3.1)
    dansguardian (0.5.2.1)
      configfiles
    diff-lcs (1.3)
    escape (0.0.4)
    eventmachine (1.2.7)
    facets (3.1.0)
    hashie (4.0.0)
    hierarchical_menu (0.1.4)
      rubytree (>= 0.8.0)
    hotspotlogin (1.5.0)
      facets
      rack
      sinatra
      sinatra-r18n
    i18n_data (0.10.0)
    json (2.6.1)
    json_spec (1.1.5)
      multi_json (~> 1.0)
      rspec (>= 2.0, < 4.0)
    locale (2.1.3)
    macaddr (1.7.2)
      systemu (~> 2.6.5)
    mail (2.7.1)
      mini_mime (>= 0.1.1)
    mini_mime (1.0.2)
    minitar (0.8)
    minitar-cli (0.8)
      minitar (~> 0.8.0)
      powerbar (~> 1.0)
    multi_json (1.14.1)
    mustermann (1.1.1)
      ruby2_keywords (~> 0.0.1)
    numerizer (0.1.1)
    powerbar (1.0.18)
      hashie (>= 1.1.0)
    psych (3.1.0)
    r18n-core (2.2.0)
    rack (2.2.3)
    rack-contrib (2.1.0)
      rack (~> 2.0)
    rack-protection (2.1.0)
      rack
    rack-test (0.6.3)
      rack (>= 1.0)
    rspec (3.9.0)
      rspec-core (~> 3.9.0)
      rspec-expectations (~> 3.9.0)
      rspec-mocks (~> 3.9.0)
    rspec-core (3.9.1)
      rspec-support (~> 3.9.1)
    rspec-expectations (3.9.0)
      diff-lcs (>= 1.2.0, < 2.0)
      rspec-support (~> 3.9.0)
    rspec-mocks (3.9.1)
      diff-lcs (>= 1.2.0, < 2.0)
      rspec-support (~> 3.9.0)
    rspec-support (3.9.2)
    ruby2_keywords (0.0.5)
    rubytree (1.0.0)
      json (~> 2.1)
      structured_warnings (~> 0.3)
    rubyzip (1.3.0)
    sinatra (2.1.0)
      mustermann (~> 1.0)
      rack (~> 2.2)
      rack-protection (= 2.1.0)
      tilt (~> 2.0)
    sinatra-r18n (2.2.0)
      r18n-core (= 2.2.0)
      sinatra (>= 1.3)
    structured_warnings (0.4.0)
    systemu (2.6.5)
    thin (1.7.2)
      daemons (~> 1.0, >= 1.0.9)
      eventmachine (~> 1.0, >= 1.0.4)
      rack (>= 1, < 3)
    tilt (2.0.10)
    uuid (2.3.9)
      macaddr (~> 1.0)

PLATFORMS
  ruby

DEPENDENCIES
  archive-tar-minitar!
  chronic_duration!
  cronedit!
  dansguardian!
  escape!
  facets!
  hierarchical_menu!
  hotspotlogin!
  i18n_data!
  json_spec (~> 1.1, >= 1.1.5)!
  locale (~> 2.1, >= 2.1.3)!
  mail!
  psych (~> 3.1.0)!
  rack-contrib (~> 2)!
  rack-test (~> 0.6.3)!
  rspec (~> 3.8)!
  rubyzip (~> 1)!
  sinatra (~> 2)!
  sinatra-r18n (~> 2.2.0)!
  thin!
  uuid!

BUNDLED WITH
   2.3.5
